PATH
  remote: .
  specs:
    nats (0.4.28)
      daemons (>= 1.1.5)
      eventmachine (~> 1.0.0)
      json_pure (>= 1.7.3)
      thin (>= 1.4.1, < 1.6)

GEM
  remote: http://rubygems.org/
  specs:
    daemons (1.1.9)
    diff-lcs (1.2.5)
    eventmachine (1.0.3)
    json_pure (1.8.1)
    rack (1.5.2)
    rake (10.1.1)
    rspec (2.14.1)
      rspec-core (~> 2.14.0)
      rspec-expectations (~> 2.14.0)
      rspec-mocks (~> 2.14.0)
    rspec-core (2.14.7)
    rspec-expectations (2.14.4)
      diff-lcs (>= 1.1.3, < 2.0)
    rspec-mocks (2.14.4)
    thin (1.5.1)
      daemons (>= 1.0.9)
      eventmachine (>= 0.12.6)
      rack (>= 1.0.0)

PLATFORMS
  ruby

DEPENDENCIES
  daemons (>= 1.1.5)
  eventmachine (~> 1.0.0)
  json_pure (>= 1.7.3)
  nats!
  rake
  rspec (>= 2.11.0)
  thin (>= 1.4.1, < 1.6)
